GEM
  remote: https://rubygems.org/
  specs:
    daemons (1.4.1)
    dalli (2.7.11)
    eventmachine (1.2.7)
    hoodoo (2.12.10)
      dalli (~> 2.7)
      rack
    rack (2.2.3)
    thin (1.8.1)
      daemons (~> 1.0, >= 1.0.9)
      eventmachine (~> 1.0, >= 1.0.4)
      rack (>= 1, < 3)

PLATFORMS
  ruby

DEPENDENCIES
  hoodoo
  rack
  thin

BUNDLED WITH
   2.1.4
